GEM
  remote: https://rubygems.org/
  specs:
    minitest (5.3.3)
    rake (10.3.1)

PLATFORMS
  ruby

DEPENDENCIES
  minitest
  rake
